GIT
  remote: git://github.com/rails/coffee-rails.git
  revision: a30c954554022caca62f7b362ee6f43eba7dc166
  specs:
    coffee-rails (4.0.0.beta)
      coffee-script (>= 2.2.0)
      railties (>= 4.0.0.beta, < 5.0)

GIT
  remote: git://github.com/rails/rails.git
  revision: b04c81d367323849a0019f6964639efaad0e9df0
  specs:
    actionmailer (4.0.0.beta)
      actionpack (= 4.0.0.beta)
      mail (~> 2.5.3)
    actionpack (4.0.0.beta)
      activesupport (= 4.0.0.beta)
      builder (~> 3.1.0)
      erubis (~> 2.7.0)
      rack (~> 1.5.2)
      rack-test (~> 0.6.2)
    activemodel (4.0.0.beta)
      activesupport (= 4.0.0.beta)
      builder (~> 3.1.0)
    activerecord (4.0.0.beta)
      activemodel (= 4.0.0.beta)
      activerecord-deprecated_finders (~> 0.0.3)
      activesupport (= 4.0.0.beta)
      arel (~> 3.0.2)
    activesupport (4.0.0.beta)
      i18n (~> 0.6)
      minitest (~> 4.1)
      multi_json (~> 1.3)
      thread_safe (~> 0.1)
      tzinfo (~> 0.3.33)
    rails (4.0.0.beta)
      actionmailer (= 4.0.0.beta)
      actionpack (= 4.0.0.beta)
      activerecord (= 4.0.0.beta)
      activesupport (= 4.0.0.beta)
      bundler (>= 1.2.2, < 2.0)
      railties (= 4.0.0.beta)
      sprockets-rails (~> 2.0.0.rc1)
    railties (4.0.0.beta)
      actionpack (= 4.0.0.beta)
      activesupport (= 4.0.0.beta)
      rake (>= 0.8.7)
      rdoc (~> 3.4)
      thor (>= 0.17.0, < 2.0)

GIT
  remote: git://github.com/rails/sass-rails.git
  revision: f6431cf032e1beaff243b95151fdb13cae60562e
  specs:
    sass-rails (4.0.0.beta)
      railties (>= 4.0.0.beta, < 5.0)
      sass (>= 3.1.10)
      sprockets-rails (~> 2.0.0.rc0)
      tilt (~> 1.3)

GIT
  remote: https://github.com/anthonyalberto/better_errors.git
  revision: 84c2e5496a4f2ba96f97410d694066f35ad21801
  specs:
    better_errors (0.5.0)
      coderay (>= 1.0.0)
      erubis (>= 2.6.6)

GEM
  remote: https://rubygems.org/
  specs:
    activerecord-deprecated_finders (0.0.3)
    arel (3.0.2)
    atomic (1.0.1)
    awesome_print (1.1.0)
    binding_of_caller (0.6.8)
    builder (3.1.4)
    coderay (1.0.8)
    coffee-script (2.2.0)
      coffee-script-source
      execjs
    coffee-script-source (1.4.0)
    erubis (2.7.0)
    execjs (1.4.0)
      multi_json (~> 1.0)
    geocoder (1.1.6)
    hike (1.2.1)
    i18n (0.6.1)
    jquery-rails (2.2.1)
      railties (>= 3.0, < 5.0)
      thor (>= 0.14, < 2.0)
    json (1.7.7)
    kaminari (0.14.1)
      actionpack (>= 3.0.0)
      activesupport (>= 3.0.0)
    mail (2.5.3)
      i18n (>= 0.4.0)
      mime-types (~> 1.16)
      treetop (~> 1.4.8)
    meta_request (0.2.1)
      rack-contrib
      rails
    method_source (0.8.1)
    mime-types (1.21)
    minitest (4.6.1)
    multi_json (1.6.1)
    mysql2 (0.3.11)
    polyglot (0.3.3)
    protected_attributes (1.0.0)
      activemodel (>= 4.0.0.beta, < 5.0)
    pry (0.9.11.4)
      coderay (~> 1.0.5)
      method_source (~> 0.8)
      slop (~> 3.4)
    pry-rails (0.2.2)
      pry (>= 0.9.10)
    rack (1.5.2)
    rack-contrib (1.1.0)
      rack (>= 0.9.1)
    rack-test (0.6.2)
      rack (>= 1.0)
    rake (10.0.3)
    rdoc (3.12.1)
      json (~> 1.4)
    sass (3.2.5)
    slop (3.4.3)
    sprockets (2.8.2)
      hike (~> 1.2)
      multi_json (~> 1.0)
      rack (~> 1.0)
      tilt (~> 1.1, != 1.3.0)
    sprockets-rails (2.0.0.rc2)
      actionpack (>= 3.0)
      activesupport (>= 3.0)
      sprockets (~> 2.8)
    thor (0.17.0)
    thread_safe (0.1.0)
      atomic
    tilt (1.3.3)
    treetop (1.4.12)
      polyglot
      polyglot (>= 0.3.1)
    tzinfo (0.3.35)
    uglifier (1.3.0)
      execjs (>= 0.3.0)
      multi_json (~> 1.0, >= 1.0.2)

PLATFORMS
  ruby

DEPENDENCIES
  awesome_print
  better_errors!
  binding_of_caller
  coffee-rails!
  geocoder
  jquery-rails
  kaminari
  meta_request
  mysql2
  protected_attributes
  pry-rails
  rails!
  sass-rails!
  uglifier (>= 1.0.3)
